GEM
  remote: https://rubygems.org/
  specs:
    actioncable (5.2.5)

PLATFORMS
  ruby

DEPENDENCIES
  rails (~> 5.2.5)

RUBY VERSION
   ruby 2.6.3

BUNDLED WITH
   2.2.16